GEM
  specs:
    activemodel (3.1.1)
      activesupport (= 3.1.1)
      builder (~> 3.0.0)
      i18n (~> 0.6)
    activerecord (3.1.1)
      activemodel (= 3.1.1)
      activesupport (= 3.1.1)
      arel (~> 2.2.1)
      tzinfo (~> 0.3.29)
    activesupport (3.1.1)
      multi_json (~> 1.0)
    arel (2.2.1)
    builder (3.0.0)
    i18n (0.6.0)
    multi_json (1.0.4)
    tzinfo (0.3.31)

PLATFORMS
  ruby

DEPENDENCIES
  activerecord (= 3.1.1)
